GEM
  remote: http://rubygems.org/
  specs:
    sendfile (1.2.1)

PLATFORMS
  ruby

DEPENDENCIES
  sendfile
